GEM
  specs:
    clamp (0.4.0)
    coffee-script (2.2.0)
      coffee-script-source
      execjs
    coffee-script-source (1.3.3)
    execjs (1.4.0)
      multi_json (~> 1.0)
    multi_json (1.3.5)
    zucchini-ios (0.5.5)
      clamp

PLATFORMS
  ruby

DEPENDENCIES
  coffee-script
  zucchini-ios
